{
	"Modality": "MR",
	"MagneticFieldStrength": 3,
	"Manufacturer": "Siemens",
	"ManufacturersModelName": "Prisma_fit",
	"InstitutionName": "MR-Forschung_Goettingen",
	"InstitutionalDepartmentName": "Department",
	"InstitutionAddress": "Robert-Koch-Strasse_34_Goettingen_Nord_DE_37075",
	"DeviceSerialNumber": "167052",
	"StationName": "MEDPC",
	"BodyPartExamined": "HEAD",
	"PatientPosition": "HFS",
	"ProcedureStepDescription": "Projekte_Head_64_channel",
	"SoftwareVersions": "syngo_MR_E11",
	"MRAcquisitionType": "3D",
	"SeriesDescription": "irspgr_tr54_fa5_ti450_pe96",
	"ProtocolName": "irspgr_tr54_fa5_ti450_pe96",
	"ScanningSequence": "RM",
	"SequenceVariant": "SP",
	"SequenceName": "despot13d1",
	"ImageType": ["ORIGINAL", "PRIMARY", "M", "ND"],
	"SeriesNumber": 59,
	"AcquisitionTime": "12:17:46.162500",
	"AcquisitionNumber": 1,
	"SliceThickness": 3.4,
	"SAR": 0.143603,
	"EchoTime": 0.0025,
	"RepetitionTime": 0.0054,
	"FlipAngle": 5,
	"PartialFourier": 1,
	"BaseResolution": 96,
	"ShimSetting": [
		-4502,
		-11551,
		-6699,
		13,
		16,
		6,
		8,
		12	],
	"TxRefAmp": 210.367,
	"PhaseResolution": 1,
	"ReceiveCoilName": "HeadNeck_64",
	"ReceiveCoilActiveElements": "HC1-7;NC1,2",
	"PulseSequenceDetails": "%CustomerSeq%_spoiledSPGR",
	"ConsistencyInfo": "N4_VE11C_LATEST_20160120",
	"PercentPhaseFOV": 100,
	"PhaseEncodingSteps": 96,
	"AcquisitionMatrixPE": 96,
	"ReconMatrixPE": 96,
	"PixelBandwidth": 350,
	"DwellTime": 2.97e-05,
	"ImageOrientationPatientDICOM": [
		0.0395273,
		0.993787,
		-0.104039,
		-0.101187,
		-0.0996045,
		-0.989869	],
	"InPlanePhaseEncodingDirectionDICOM": "ROW",
	"ConversionSoftware": "dcm2niix",
	"ConversionSoftwareVersion": "v1.0.20171215 (OpenJPEG build) GCC7.3.0"
}
