{
	"Modality": "MR",
	"MagneticFieldStrength": 3,
	"Manufacturer": "Siemens",
	"ManufacturersModelName": "Prisma_fit",
	"InstitutionName": "MR-Forschung_Goettingen",
	"InstitutionAddress": "Robert-Koch-Strasse_34_Goettingen_Nord_DE_37075",
	"DeviceSerialNumber": "167052",
	"StationName": "MEDPC",
	"BodyPartExamined": "HEAD",
	"PatientPosition": "HFS",
	"ProcedureStepDescription": "Projekte_Head_64_channel",
	"SoftwareVersions": "syngo_MR_E11",
	"MRAcquisitionType": "3D",
	"SeriesDescription": "t1_tfl3d_ns_sag_TI900_FA9_TR2250",
	"ProtocolName": "t1_tfl3d_ns_sag_TI900_FA9_TR2250",
	"ScanningSequence": "GR_IR",
	"SequenceVariant": "SK_SP_MP",
	"ScanOptions": "IR_PFP_WE",
	"SequenceName": "_tfl3d1_16ns",
	"ImageType": ["ORIGINAL", "PRIMARY", "M", "ND", "NORM"],
	"SeriesNumber": 6,
	"AcquisitionTime": "09:37:36.322500",
	"AcquisitionNumber": 1,
	"SliceThickness": 1,
	"SAR": 0.0568506,
	"EchoTime": 0.0033,
	"RepetitionTime": 2.25,
	"InversionTime": 0.9,
	"FlipAngle": 9,
	"PartialFourier": 0.875,
	"BaseResolution": 256,
	"ShimSetting": [
		-4523,
		-11498,
		-6567,
		118,
		116,
		-323,
		57,
		46	],
	"TxRefAmp": 208.298,
	"PhaseResolution": 1,
	"ReceiveCoilName": "HeadNeck_64",
	"ReceiveCoilActiveElements": "HC1-7;NC1,2",
	"PulseSequenceDetails": "%SiemensSeq%_tfl",
	"ConsistencyInfo": "N4_VE11C_LATEST_20160120",
	"PercentPhaseFOV": 100,
	"PhaseEncodingSteps": 224,
	"AcquisitionMatrixPE": 256,
	"ReconMatrixPE": 256,
	"PixelBandwidth": 200,
	"ImageOrientationPatientDICOM": [
		0.0464971,
		0.994057,
		-0.0984302,
		-0.0912015,
		-0.0939007,
		-0.991395	],
	"InPlanePhaseEncodingDirectionDICOM": "ROW",
	"ConversionSoftware": "dcm2niix",
	"ConversionSoftwareVersion": "v1.0.20171215 (OpenJPEG build) GCC7.3.0"
}
