{
	"Modality": "MR",
	"MagneticFieldStrength": 3,
	"Manufacturer": "Siemens",
	"ManufacturersModelName": "Prisma_fit",
	"InstitutionName": "MR-Forschung_Goettingen",
	"InstitutionalDepartmentName": "Department",
	"InstitutionAddress": "Robert-Koch-Strasse_34_Goettingen_Nord_DE_37075",
	"DeviceSerialNumber": "167052",
	"StationName": "MEDPC",
	"BodyPartExamined": "HEAD",
	"PatientPosition": "HFS",
	"ProcedureStepDescription": "Projekte_Head_64_channel",
	"SoftwareVersions": "syngo_MR_E11",
	"MRAcquisitionType": "3D",
	"SeriesDescription": "t2_tse3dvfl_tra_ip2_no-neck",
	"ProtocolName": "t2_tse3dvfl_tra_ip2_no-neck",
	"ScanningSequence": "SE",
	"SequenceVariant": "SK_SP",
	"ScanOptions": "PFP",
	"SequenceName": "_spc_158",
	"ImageType": ["ORIGINAL", "PRIMARY", "M", "ND", "NORM"],
	"SeriesNumber": 8,
	"AcquisitionTime": "09:46:12.595000",
	"AcquisitionNumber": 1,
	"SliceThickness": 1,
	"SAR": 0.119991,
	"EchoTime": 0.427,
	"RepetitionTime": 2.9,
	"FlipAngle": 120,
	"PartialFourier": 1,
	"BaseResolution": 256,
	"ShimSetting": [
		-4544,
		-11469,
		-6526,
		280,
		-106,
		-182,
		-2,
		55	],
	"TxRefAmp": 208.298,
	"PhaseResolution": 1,
	"ReceiveCoilName": "HeadNeck_64",
	"ReceiveCoilActiveElements": "HC1-7",
	"PulseSequenceDetails": "%SiemensSeq%_tse_vfl",
	"ConsistencyInfo": "N4_VE11C_LATEST_20160120",
	"PercentPhaseFOV": 68.75,
	"EchoTrainLength": 154,
	"PhaseEncodingSteps": 163,
	"AcquisitionMatrixPE": 176,
	"ReconMatrixPE": 256,
	"ParallelReductionFactorInPlane": 2,
	"PixelBandwidth": 300,
	"DwellTime": 6.5e-06,
	"ImageOrientationPatientDICOM": [
		0.994746,
		-0.0550754,
		-0.0862928,
		0.0158004,
		0.915445,
		-0.402132	],
	"InPlanePhaseEncodingDirectionDICOM": "ROW",
	"ConversionSoftware": "dcm2niix",
	"ConversionSoftwareVersion": "v1.0.20171215 (OpenJPEG build) GCC7.3.0"
}
