{
  "AcquisitionMatrixPE": 96,
  "AcquisitionNumber": 1,
  "AcquisitionTime": "10:29:4.195000",
  "BaseResolution": 96,
  "CoilString": "C:PH",
  "ConversionSoftware": "dcm2niix",
  "ConversionSoftwareVersion": "v1.0.20190720  (JP2:OpenJPEG) GCC8.3.0",
  "DeviceSerialNumber": "35059",
  "DwellTime": 2.98e-05,
  "EchoTime": 0.0054,
  "FlipAngle": 5,
  "ImageOrientationPatientDICOM": [0, 1, 0, 0, 0, -1],
  "ImageType": [
    "ORIGINAL",
    "PRIMARY",
    "M",
    "ND"
],
  "ImagingFrequency": 123.238,
  "InPlanePhaseEncodingDirectionDICOM": "ROW",
  "InstitutionAddress": "Robert-Koch-Strasse_34_Goettingen_Nord_DE_37075",
  "InstitutionName": "MR-Forschung_Gottingen",
  "InstitutionalDepartmentName": "Department",
  "MRAcquisitionType": "3D",
  "MagneticFieldStrength": 3,
  "Manufacturer": "Siemens",
  "ManufacturersModelName": "TrioTim",
  "Modality": "MR",
  "PartialFourier": 1,
  "PatientPosition": "HFS",
  "PercentPhaseFOV": 100,
  "PhaseEncodingSteps": 96,
  "PhaseResolution": 1,
  "PixelBandwidth": 350,
  "ProcedureStepDescription": "Projekte_Head_8_channel_in_vivo",
  "ProtocolName": "irspgr_tr12_fa5_ti500_pe96",
  "PulseSequenceDetails": "%CustomerSeq%_despot1",
  "ReceiveCoilName": "8Ch_Head",
  "ReconMatrixPE": 96,
  "RepetitionTime": 0.012,
  "SAR": 0.295515,
  "ScanningSequence": "RM",
  "SequenceName": "despot13d1",
  "SequenceVariant": "SP",
  "SeriesDescription": "irspgr_tr12_fa5_ti500_pe96",
  "SeriesNumber": 39,
  "ShimSetting": [-16836, -20622, -7124, 48, -72, 46, 20, -11],
  "SliceThickness": 3.4,
  "SoftwareVersions": "syngo_MR_B17",
  "StationName": "MEDPC",
  "TxRefAmp": 286.419,
  "dcmmeta_affine": [
    [3.3999998569488525, 0.0, 0.0, -79.21876525878906],
    [0.0, 2.2916667461395264, 0.0, -116.46635437011719],
    [0.0, 0.0, 2.2916667461395264, -140.81431579589844],
    [0.0, 0.0, 0.0, 1.0]
],
  "dcmmeta_reorient_transform": [
    [0.0, 0.0, -1.0, 95.0],
    [0.0, -1.0, 0.0, 95.0],
    [-1.0, 0.0, 0.0, 47.0],
    [0.0, 0.0, 0.0, 1.0]
],
  "dcmmeta_shape": [48, 96, 96],
  "dcmmeta_slice_dim": 0,
  "dcmmeta_version": 0.6,
  "global": {
    "const": {
      "AcquisitionMatrix": [0, 96, 96, 0],
      "AcquisitionNumber": 1,
      "AcquisitionTime": "102904.195000",
      "AngioFlag": "N",
      "BitsAllocated": 16,
      "BitsStored": 12,
      "Columns": 96,
      "EchoNumbers": 1,
      "EchoTime": 5.4,
      "EchoTrainLength": 1,
      "FlipAngle": 5.0,
      "HighBit": 11,
      "ImageOrientationPatient": [0.0, 1.0, 0.0, 0.0, 0.0, -1.0],
      "ImageType": [
        "ORIGINAL",
        "PRIMARY",
        "M",
        "ND"
],
      "ImagedNucleus": "1H",
      "ImagingFrequency": 123.237501,
      "InPlanePhaseEncodingDirection": "ROW",
      "MRAcquisitionType": "3D",
      "MagneticFieldStrength": 3.0,
      "Manufacturer": "SIEMENS",
      "ManufacturerModelName": "TrioTim",
      "Modality": "MR",
      "NumberOfAverages": 1.0,
      "NumberOfPhaseEncodingSteps": 96,
      "PercentPhaseFieldOfView": 100.0,
      "PercentSampling": 100.0,
      "PerformedProcedureStepStartTime": "081018.812000",
      "PhotometricInterpretation": "MONOCHROME2",
      "PixelBandwidth": 350.0,
      "PixelRepresentation": 0,
      "PixelSpacing": [2.2916667461395, 2.2916667461395],
      "ProtocolName": "irspgr_tr12_fa5_ti500_pe96",
      "RepetitionTime": 12.0,
      "Rows": 96,
      "SAR": 0.29551520250228,
      "SamplesPerPixel": 1,
      "ScanningSequence": "RM",
      "SequenceName": "despot13d1",
      "SequenceVariant": "SP",
      "SeriesDescription": "irspgr_tr12_fa5_ti500_pe96",
      "SeriesNumber": 39,
      "SeriesTime": "103049.046000",
      "SliceThickness": 3.3999998569489,
      "SmallestImagePixelValue": 0,
      "SoftwareVersions": "syngo MR B17",
      "SpecificCharacterSet": "ISO_IR 100",
      "StudyID": "1",
      "StudyTime": "081018.750000",
      "TransmitCoilName": "Body",
      "VariableFlipAngleFlag": "N",
      "WindowCenterWidthExplanation": "Algo1",
      "dBdt": 0.0},
