{
  "AcquisitionMatrixPE": 104,
  "AcquisitionNumber": 1,
  "AcquisitionTime": "11:08:26.357500",
  "BandwidthPerPixelPhaseEncode": 28.703,
  "BaseResolution": 104,
  "BodyPartExamined": "HEAD",
  "CoilString": "HC1-7;NC1_2",
  "ConsistencyInfo": "N4_VE11C_LATEST_20160120",
  "ConversionSoftware": "dcm2niix",
  "ConversionSoftwareVersion": "v1.0.20190410  GCC9.2.0",
  "DerivedVendorReportedEchoSpacing": 0.000669992,
  "DeviceSerialNumber": "167052",
  "DiffusionScheme": "Bipolar",
  "DwellTime": 2.8e-06,
  "EchoTime": 0.082,
  "EchoTrainLength": 38,
  "EffectiveEchoSpacing": 0.000334996,
  "FlipAngle": 90,
  "ImageOrientationPatientDICOM": [0.995805, 0.0556915, -0.0726042, -0.0516651, 0.997082, 0.0562031],
  "ImageType": [
    "ORIGINAL",
    "PRIMARY",
    "DIFFUSION",
    "NONE",
    "ND",
    "MOSAIC"
],
  "ImagingFrequency": 123.263,
  "InPlanePhaseEncodingDirectionDICOM": "COL",
  "InstitutionAddress": "Robert-Koch-Strasse_34_Goettingen_Nord_DE_37075",
  "InstitutionName": "MR-Forschung_Goettingen",
  "InstitutionalDepartmentName": "Department",
  "MRAcquisitionType": "2D",
  "MagneticFieldStrength": 3,
  "Manufacturer": "Siemens",
  "ManufacturersModelName": "Prisma_fit",
  "Modality": "MR",
  "ParallelReductionFactorInPlane": 2,
  "PartialFourier": 0.75,
  "PatientPosition": "HFS",
  "PercentPhaseFOV": 100,
  "PhaseEncodingDirection": "j-",
  "PhaseEncodingSteps": 77,
  "PhaseResolution": 1,
  "PixelBandwidth": 1715,
  "ProcedureStepDescription": "Projekte_Head_64_channel",
  "ProtocolName": "DTI_64dir_2mm-iso_82_TR7500",
  "PulseSequenceDetails": "%SiemensSeq%_ep2d_diff",
  "ReceiveCoilActiveElements": "HC1-7;NC1,2",
  "ReceiveCoilName": "HeadNeck_64",
  "ReconMatrixPE": 104,
  "RefLinesPE": 24,
  "RepetitionTime": 7.5,
  "SAR": 0.709333,
  "ScanOptions": "PFP_FS",
  "ScanningSequence": "EP",
  "SequenceName": "_ep_b0",
  "SequenceVariant": "SK_SP",
  "SeriesDescription": "DTI_64dir_2mm-iso_82_TR7500",
  "SeriesNumber": 24,
  "ShimSetting": [-4555, -11541, -6509, 301, 59, 455, 141, 16],
  "SliceThickness": 2,
  "SliceTiming": [3.74, 0, 3.8575, 0.1175, 3.975, 0.235, 4.0925, 0.3525, 4.2075, 0.4675, 4.325, 0.585, 4.4425, 0.7025, 4.56, 0.82, 4.675, 0.935, 4.7925, 1.0525, 4.91, 1.17, 5.025, 1.2875, 5.1425, 1.4025, 5.26, 1.52, 5.3775, 1.6375, 5.4925, 1.755, 5.61, 1.87, 5.7275, 1.9875, 5.845, 2.105, 5.96, 2.2225, 6.0775, 2.3375, 6.195, 2.455, 6.3125, 2.5725, 6.4275, 2.69, 6.545, 2.805, 6.6625, 2.9225, 6.78, 3.04, 6.895, 3.1575, 7.0125, 3.2725, 7.13, 3.39, 7.2475, 3.5075, 7.3625, 3.625],
  "SoftwareVersions": "syngo_MR_E11",
  "SpacingBetweenSlices": 2,
  "StationName": "MEDPC",
  "TotalReadoutTime": 0.0345046,
  "TxRefAmp": 218.537,
  "dcmmeta_affine": [
    [-1.9916094541549683, -0.10333019495010376, -0.15104474127292633, 108.32112884521484],
    [-0.11138291656970978, 1.9941633939743042, 0.10443247109651566, -83.34239196777344],
    [-0.1452084332704544, -0.11240625381469727, 1.9915519952774048, -82.04304504394531],
    [0.0, 0.0, 0.0, 1.0]
],
  "dcmmeta_reorient_transform": [
    [0.0, -1.0, 0.0, 103.0],
    [1.0, 0.0, 0.0, 0.0],
    [0.0, 0.0, 1.0, 0.0],
    [0.0, 0.0, 0.0, 1.0]
],
  "dcmmeta_shape": [104, 104, 64, 65],
  "dcmmeta_slice_dim": 2,
  "dcmmeta_version": 0.6,
  "global": {
    "const": {
      "AcquisitionMatrix": [104, 0, 0, 104],
      "AngioFlag": "N",
      "BitsAllocated": 16,
      "BitsStored": 12,
      "BodyPartExamined": "HEAD",
      "Columns": 832,
      "EchoNumbers": 1,
      "EchoTime": 82.0,
      "EchoTrainLength": 38,
      "FlipAngle": 90.0,
      "HighBit": 11,
      "ImageOrientationPatient": [0.99580474472651, 0.05569145810254, -0.07260421389, -0.0516650985315, 0.99708170491979, 0.05620312542883],
      "ImagePositionPatient": [-785.01177988112, -888.47529913091, -81.68089352137],
      "ImageType": [
        "ORIGINAL",
        "PRIMARY",
        "DIFFUSION",
        "NONE",
        "ND",
        "MOSAIC"
],
      "ImagedNucleus": "1H",
      "ImagingFrequency": 123.262608,
      "InPlanePhaseEncodingDirection": "COL",
      "MRAcquisitionType": "2D",
      "MagneticFieldStrength": 3.0,
      "Manufacturer": "SIEMENS",
      "ManufacturerModelName": "Prisma_fit",
      "Modality": "MR",
      "NumberOfAverages": 1.0,
      "NumberOfPhaseEncodingSteps": 77,
      "PercentPhaseFieldOfView": 100.0,
      "PercentSampling": 100.0,
      "PerformedProcedureStepStartTime": "094606.905000",
      "PhotometricInterpretation": "MONOCHROME2",
      "PixelBandwidth": 1715.0,
      "PixelRepresentation": 0,
      "PixelSpacing": [2.0, 2.0],
      "ProtocolName": "DTI_64dir_2mm-iso_82_TR7500",
      "RepetitionTime": 7500.0,
      "Rows": 832,
      "SAR": 0.70933315783926,
      "SamplesPerPixel": 1,
      "ScanOptions": [
        "PFP",
        "FS"
],
      "ScanningSequence": "EP",
      "SequenceVariant": [
        "SK",
        "SP"
],
      "SeriesDescription": "DTI_64dir_2mm-iso_82_TR7500",
      "SeriesNumber": 24,
      "SeriesTime": "111102.789000",
      "SliceLocation": -94.228986135815,
      "SliceThickness": 2.0,
      "SmallestImagePixelValue": 0,
      "SoftwareVersions": "syngo MR E11",
      "SpacingBetweenSlices": 2.0000000559811,
      "SpecificCharacterSet": "ISO_IR 100",
      "StudyID": "1",
      "StudyTime": "094606.806000",
      "TransmitCoilName": "Body",
      "VariableFlipAngleFlag": "N",
      "WindowCenterWidthExplanation": "Algo1",
      "dBdt": 0.0},
