{
	"Modality": "MR",
	"MagneticFieldStrength": 3,
	"Manufacturer": "Siemens",
	"ManufacturersModelName": "Prisma_fit",
	"InstitutionName": "MR-Forschung_Goettingen",
	"InstitutionalDepartmentName": "Department",
	"InstitutionAddress": "Robert-Koch-Strasse_34_Goettingen_Nord_DE_37075",
	"DeviceSerialNumber": "167052",
	"StationName": "MEDPC",
	"BodyPartExamined": "HEAD",
	"PatientPosition": "HFS",
	"ProcedureStepDescription": "Projekte_Head_64_channel",
	"SoftwareVersions": "syngo_MR_E11",
	"MRAcquisitionType": "2D",
	"SeriesDescription": "DTI_64dir_2mm-iso_82_TR7500",
	"ProtocolName": "DTI_64dir_2mm-iso_82_TR7500",
	"ScanningSequence": "EP",
	"SequenceVariant": "SK_SP",
	"ScanOptions": "PFP_FS",
	"SequenceName": "_ep_b0",
	"ImageType": ["ORIGINAL", "PRIMARY", "DIFFUSION", "NONE", "ND", "MOSAIC"],
	"SeriesNumber": 44,
	"AcquisitionTime": "11:41:18.377500",
	"AcquisitionNumber": 1,
	"SliceThickness": 2,
	"SpacingBetweenSlices": 2,
	"SAR": 0.405961,
	"EchoTime": 0.082,
	"RepetitionTime": 7.5,
	"FlipAngle": 90,
	"PartialFourier": 0.75,
	"BaseResolution": 104,
	"ShimSetting": [
		-4561,
		-11477,
		-6553,
		157,
		16,
		-267,
		-68,
		95	],
	"TxRefAmp": 210.367,
	"PhaseResolution": 1,
	"ReceiveCoilName": "HeadNeck_64",
	"ReceiveCoilActiveElements": "HC1-7;NC1,2",
	"PulseSequenceDetails": "%SiemensSeq%_ep2d_diff",
	"ConsistencyInfo": "N4_VE11C_LATEST_20160120",
	"PercentPhaseFOV": 100,
	"EchoTrainLength": 38,
	"PhaseEncodingSteps": 77,
	"AcquisitionMatrixPE": 104,
	"ReconMatrixPE": 104,
	"BandwidthPerPixelPhaseEncode": 28.703,
	"ParallelReductionFactorInPlane": 2,
	"EffectiveEchoSpacing": 0.000334996,
	"DerivedVendorReportedEchoSpacing": 0.000669992,
	"TotalReadoutTime": 0.0345046,
	"PixelBandwidth": 1715,
	"DwellTime": 2.8e-06,
	"PhaseEncodingDirection": "j-",
	"SliceTiming": [
		3.74,
		0,
		3.8575,
		0.1175,
		3.975,
		0.235,
		4.09,
		0.3525,
		4.2075,
		0.4675,
		4.325,
		0.585,
		4.4425,
		0.7025,
		4.5575,
		0.8175,
		4.675,
		0.935,
		4.7925,
		1.0525,
		4.91,
		1.17,
		5.025,
		1.285,
		5.1425,
		1.4025,
		5.26,
		1.52,
		5.3775,
		1.6375,
		5.4925,
		1.7525,
		5.61,
		1.87,
		5.7275,
		1.9875,
		5.845,
		2.105,
		5.96,
		2.22,
		6.0775,
		2.3375,
		6.195,
		2.455,
		6.3125,
		2.5725,
		6.4275,
		2.6875,
		6.545,
		2.805,
		6.6625,
		2.9225,
		6.78,
		3.04,
		6.895,
		3.155,
		7.0125,
		3.2725,
		7.13,
		3.39,
		7.2475,
		3.5075,
		7.3625,
		3.6225	],
	"ImageOrientationPatientDICOM": [
		0.994744,
		-0.0551327,
		-0.0862876,
		0.0465629,
		0.994061,
		-0.0983589	],
	"InPlanePhaseEncodingDirectionDICOM": "COL",
	"ConversionSoftware": "dcm2niix",
	"ConversionSoftwareVersion": "v1.0.20171215 (OpenJPEG build) GCC7.3.0"
}
