{
  "AcquisitionMatrixPE": 104,
  "AcquisitionNumber": 1,
  "AcquisitionTime": "10:09:25.200000",
  "BandwidthPerPixelPhaseEncode": 27.871,
  "BaseResolution": 104,
  "ConversionSoftware": "dcm2niix",
  "ConversionSoftwareVersion": "v1.0.20180622 GCC6.3.0",
  "DerivedVendorReportedEchoSpacing": 0.000689992,
  "DeviceSerialNumber": "35059",
  "DwellTime": 2.8e-06,
  "EchoTime": 0.082,
  "EffectiveEchoSpacing": 0.000344996,
  "FlipAngle": 90,
  "ImageOrientationPatientDICOM": [0.942875, 0.0672994, 0.326278, -0.00655102, 0.982939, -0.183814],
  "ImageType": [
    "ORIGINAL",
    "PRIMARY",
    "DIFFUSION",
    "NONE",
    "ND",
    "MOSAIC"
],
  "InPlanePhaseEncodingDirectionDICOM": "COL",
  "InstitutionAddress": "Robert-Koch-Strasse_34_Goettingen_Nord_DE_37075",
  "InstitutionName": "MR-Forschung_Gottingen",
  "InstitutionalDepartmentName": "Department",
  "MRAcquisitionType": "2D",
  "MagneticFieldStrength": 3,
  "Manufacturer": "Siemens",
  "ManufacturersModelName": "TrioTim",
  "Modality": "MR",
  "ParallelReductionFactorInPlane": 2,
  "PartialFourier": 0.75,
  "PatientPosition": "HFS",
  "PercentPhaseFOV": 100,
  "PhaseEncodingDirection": "j-",
  "PhaseEncodingSteps": 77,
  "PhaseResolution": 1,
  "PixelBandwidth": 1717,
  "ProcedureStepDescription": "Projekte_Head_8_channel_in_vivo",
  "ProtocolName": "DTI_64dir_2mm-iso_82_TR7500",
  "PulseSequenceDetails": "%SiemensSeq%_ep2d_diff",
  "ReceiveCoilName": "8Ch_Head",
  "ReconMatrixPE": 104,
  "RepetitionTime": 7.5,
  "SAR": 0.928982,
  "ScanOptions": "PFP_FS",
  "ScanningSequence": "EP",
  "SequenceName": "_ep_b0",
  "SequenceVariant": "SK_SP",
  "SeriesDescription": "DTI_64dir_2mm-iso_82_TR7500",
  "SeriesNumber": 10,
  "ShimSetting": [-16646, -20486, -6668, 333, -61, 737, 41, -27],
  "SliceThickness": 2,
  "SliceTiming": [3.765, 0, 3.8825, 0.1175, 4, 0.235, 4.1175, 0.3525, 4.235, 0.47, 4.3525, 0.5875, 4.47, 0.7075, 4.59, 0.825, 4.7075, 0.9425, 4.825, 1.06, 4.9425, 1.1775, 5.06, 1.295, 5.1775, 1.4125, 5.295, 1.53, 5.4125, 1.6475, 5.53, 1.765, 5.6475, 1.8825, 5.765, 2, 5.8825, 2.1175, 6, 2.235, 6.1175, 2.3525, 6.235, 2.47, 6.3525, 2.5875, 6.47, 2.7075, 6.59, 2.825, 6.7075, 2.9425, 6.825, 3.06, 6.9425, 3.1775, 7.06, 3.295, 7.1775, 3.4125, 7.295, 3.53, 7.4125, 3.6475],
  "SoftwareVersions": "syngo_MR_B17",
  "SpacingBetweenSlices": 2,
  "StationName": "MEDPC",
  "TotalReadoutTime": 0.0355346,
  "TxRefAmp": 303.194,
  "dcmmeta_affine": [
    [-1.885750412940979, -0.0131020313128829, 0.666163444519043, 81.68411254882812],
    [-0.13459888100624084, 1.9658783674240112, -0.3423527479171753, -103.29388427734375],
    [0.6525554060935974, 0.3676283359527588, 1.8544597625732422, -82.8605728149414],
    [0.0, 0.0, 0.0, 1.0]
],
  "dcmmeta_reorient_transform": [
    [0.0, -1.0, 0.0, 103.0],
    [1.0, 0.0, 0.0, 0.0],
    [0.0, 0.0, 1.0, 0.0],
    [0.0, 0.0, 0.0, 1.0]
],
  "dcmmeta_shape": [104, 104, 64, 65],
  "dcmmeta_slice_dim": 2,
  "dcmmeta_version": 0.6,
  "global": {
    "const": {
      "AcquisitionMatrix": [104, 0, 0, 104],
      "AngioFlag": "N",
      "BitsAllocated": 16,
      "BitsStored": 12,
      "Columns": 832,
      "EchoNumbers": 1,
      "EchoTime": 82.0,
      "EchoTrainLength": 1,
      "FlipAngle": 90.0,
      "HighBit": 11,
      "ImageOrientationPatient": [0.94287520516851, 0.06729943857516, 0.3262776931479, -0.006551015751, 0.98293918101158, -0.1838141741676],
      "ImagePositionPatient": [-761.97860997949, -863.76529880727, -148.70829578661],
      "ImageType": [
        "ORIGINAL",
        "PRIMARY",
        "DIFFUSION",
        "NONE",
        "ND",
        "MOSAIC"
],
      "ImagedNucleus": "1H",
      "ImagingFrequency": 123.23703,
      "InPlanePhaseEncodingDirection": "COL",
      "MRAcquisitionType": "2D",
      "MagneticFieldStrength": 3.0,
      "Manufacturer": "SIEMENS",
      "ManufacturerModelName": "TrioTim",
      "Modality": "MR",
      "NumberOfAverages": 1.0,
      "NumberOfPhaseEncodingSteps": 77,
      "PercentPhaseFieldOfView": 100.0,
      "PercentSampling": 100.0,
      "PerformedProcedureStepStartTime": "092815.828000",
      "PhotometricInterpretation": "MONOCHROME2",
      "PixelBandwidth": 1717.0,
      "PixelRepresentation": 0,
      "PixelSpacing": [2.0, 2.0],
      "ProtocolName": "DTI_64dir_2mm-iso_82_TR7500",
      "RepetitionTime": 7500.0,
      "Rows": 832,
      "SAR": 0.92898156231581,
      "SamplesPerPixel": 1,
      "ScanOptions": [
        "PFP",
        "FS"
],
      "ScanningSequence": "EP",
      "SequenceVariant": [
        "SK",
        "SP"
],
      "SeriesDescription": "DTI_64dir_2mm-iso_82_TR7500",
      "SeriesNumber": 10,
      "SeriesTime": "101201.828000",
      "SliceLocation": -31.941841435059,
      "SliceThickness": 2.0,
      "SmallestImagePixelValue": 0,
      "SoftwareVersions": "syngo MR B17",
      "SpacingBetweenSlices": 1.9999999860295,
      "SpecificCharacterSet": "ISO_IR 100",
      "StudyID": "1",
      "StudyTime": "092815.718000",
      "TransmitCoilName": "Body",
      "VariableFlipAngleFlag": "N",
      "WindowCenterWidthExplanation": "Algo1",
      "dBdt": 0.0},
