{
  "AcquisitionMatrixPE": 104,
  "AcquisitionNumber": 1,
  "AcquisitionTime": "09:31:12.212500",
  "BandwidthPerPixelPhaseEncode": 27.871,
  "BaseResolution": 104,
  "CoilString": "C:PH",
  "ConversionSoftware": "dcm2niix",
  "ConversionSoftwareVersion": "v1.0.20190720  (JP2:OpenJPEG) GCC8.3.0",
  "DerivedVendorReportedEchoSpacing": 0.000689992,
  "DeviceSerialNumber": "35059",
  "DiffusionScheme": "Monopolar",
  "DwellTime": 2.8e-06,
  "EchoTime": 0.082,
  "EffectiveEchoSpacing": 0.000344996,
  "FlipAngle": 90,
  "ImageOrientationPatientDICOM": [0.99584, 0.0909458, 0.00568101, -0.0906285, 0.994994, -0.042102],
  "ImageType": [
    "ORIGINAL",
    "PRIMARY",
    "DIFFUSION",
    "NONE",
    "ND",
    "MOSAIC"
],
  "ImagingFrequency": 123.237,
  "InPlanePhaseEncodingDirectionDICOM": "COL",
  "InstitutionAddress": "Robert-Koch-Strasse_34_Goettingen_Nord_DE_37075",
  "InstitutionName": "MR-Forschung_Gottingen",
  "InstitutionalDepartmentName": "Department",
  "MRAcquisitionType": "2D",
  "MagneticFieldStrength": 3,
  "Manufacturer": "Siemens",
  "ManufacturersModelName": "TrioTim",
  "Modality": "MR",
  "ParallelReductionFactorInPlane": 2,
  "PartialFourier": 0.75,
  "PatientPosition": "HFS",
  "PercentPhaseFOV": 100,
  "PhaseEncodingDirection": "j-",
  "PhaseEncodingSteps": 77,
  "PhaseResolution": 1,
  "PixelBandwidth": 1717,
  "ProcedureStepDescription": "Projekte_Head_8_channel_in_vivo",
  "ProtocolName": "DTI_64dir_2mm-iso_82_TR7500",
  "PulseSequenceDetails": "%SiemensSeq%_ep2d_diff",
  "ReceiveCoilName": "8Ch_Head",
  "ReconMatrixPE": 104,
  "RefLinesPE": 24,
  "RepetitionTime": 7.5,
  "SAR": 1.04514,
  "ScanOptions": "PFP_FS",
  "ScanningSequence": "EP",
  "SequenceName": "_ep_b0",
  "SequenceVariant": "SK_SP",
  "SeriesDescription": "DTI_64dir_2mm-iso_82_TR7500",
  "SeriesNumber": 24,
  "ShimSetting": [-16805, -20624, -6583, 491, 242, 1092, 115, -112],
  "SliceThickness": 2,
  "SliceTiming": [3.765, 0, 3.8825, 0.1175, 4, 0.235, 4.1175, 0.3525, 4.235, 0.47, 4.3525, 0.59, 4.47, 0.7075, 4.59, 0.825, 4.7075, 0.9425, 4.825, 1.06, 4.9425, 1.1775, 5.06, 1.295, 5.1775, 1.4125, 5.295, 1.53, 5.4125, 1.6475, 5.53, 1.765, 5.6475, 1.8825, 5.765, 2, 5.8825, 2.1175, 6, 2.235, 6.1175, 2.3525, 6.235, 2.47, 6.3525, 2.59, 6.4725, 2.7075, 6.59, 2.825, 6.7075, 2.9425, 6.825, 3.06, 6.9425, 3.1775, 7.06, 3.295, 7.1775, 3.4125, 7.295, 3.53, 7.4125, 3.6475],
  "SoftwareVersions": "syngo_MR_B17",
  "SpacingBetweenSlices": 2,
  "StationName": "MEDPC",
  "TotalReadoutTime": 0.0355346,
  "TxRefAmp": 286.419,
  "dcmmeta_affine": [
    [-1.991679310798645, -0.181256964802742, 0.018963146954774857, 107.6298599243164],
    [-0.18189169466495514, 1.9899888038635254, -0.08282396197319031, -108.56746673583984],
    [0.011362015269696712, 0.08420399576425552, 1.9981943368911743, -74.69989013671875],
    [0.0, 0.0, 0.0, 1.0]
],
  "dcmmeta_reorient_transform": [
    [0.0, -1.0, 0.0, 103.0],
    [1.0, 0.0, 0.0, 0.0],
    [0.0, 0.0, 1.0, 0.0],
    [0.0, 0.0, 0.0, 1.0]
],
  "dcmmeta_shape": [104, 104, 64, 65],
  "dcmmeta_slice_dim": 2,
  "dcmmeta_version": 0.6,
  "global": {
    "const": {
      "AcquisitionMatrix": [104, 0, 0, 104],
      "AngioFlag": "N",
      "BitsAllocated": 16,
      "BitsStored": 12,
      "Columns": 832,
      "EchoNumbers": 1,
      "EchoTime": 82.0,
      "EchoTrainLength": 1,
      "FlipAngle": 90.0,
      "HighBit": 11,
      "ImageOrientationPatient": [0.99583963485414, 0.09094585096307, 0.00568100749585, -0.0906284802268, 0.99499442220355, -0.0421019994253],
      "ImagePositionPatient": [-747.95411011997, -886.96590552597, -39.51239383337],
      "ImageType": [
        "ORIGINAL",
        "PRIMARY",
        "DIFFUSION",
        "NONE",
        "ND",
        "MOSAIC"
],
      "ImagedNucleus": "1H",
      "ImagingFrequency": 123.237489,
      "InPlanePhaseEncodingDirection": "COL",
      "MRAcquisitionType": "2D",
      "MagneticFieldStrength": 3.0,
      "Manufacturer": "SIEMENS",
      "ManufacturerModelName": "TrioTim",
      "Modality": "MR",
      "NumberOfAverages": 1.0,
      "NumberOfPhaseEncodingSteps": 77,
      "PercentPhaseFieldOfView": 100.0,
      "PercentSampling": 100.0,
      "PerformedProcedureStepStartTime": "081018.812000",
      "PhotometricInterpretation": "MONOCHROME2",
      "PixelBandwidth": 1717.0,
      "PixelRepresentation": 0,
      "PixelSpacing": [2.0, 2.0],
      "ProtocolName": "DTI_64dir_2mm-iso_82_TR7500",
      "RepetitionTime": 7500.0,
      "Rows": 832,
      "SAR": 1.0451349966325,
      "SamplesPerPixel": 1,
      "ScanOptions": [
        "PFP",
        "FS"
],
      "ScanningSequence": "EP",
      "SequenceVariant": [
        "SK",
        "SP"
],
      "SeriesDescription": "DTI_64dir_2mm-iso_82_TR7500",
      "SeriesNumber": 24,
      "SeriesTime": "093359.187000",
      "SliceLocation": -69.115952417368,
      "SliceThickness": 2.0,
      "SmallestImagePixelValue": 0,
      "SoftwareVersions": "syngo MR B17",
      "SpacingBetweenSlices": 2.0000000436548,
      "SpecificCharacterSet": "ISO_IR 100",
      "StudyID": "1",
      "StudyTime": "081018.750000",
      "TransmitCoilName": "Body",
      "VariableFlipAngleFlag": "N",
      "WindowCenterWidthExplanation": "Algo1",
      "dBdt": 0.0},
