{
  "AcquisitionMatrixPE": 104,
  "AcquisitionNumber": 1,
  "AcquisitionTime": "09:28:47.505000",
  "BandwidthPerPixelPhaseEncode": 27.871,
  "BaseResolution": 104,
  "ConversionSoftware": "dcm2niix",
  "ConversionSoftwareVersion": "v1.0.20180622 GCC6.3.0",
  "DerivedVendorReportedEchoSpacing": 0.000689992,
  "DeviceSerialNumber": "35059",
  "DwellTime": 2.8e-06,
  "EchoTime": 0.082,
  "EffectiveEchoSpacing": 0.000344996,
  "FlipAngle": 90,
  "ImageOrientationPatientDICOM": [0.999617, 0.0139688, 0.0238899, -0.00694532, 0.962261, -0.27204],
  "ImageType": [
    "ORIGINAL",
    "PRIMARY",
    "DIFFUSION",
    "NONE",
    "ND",
    "MOSAIC"
],
  "InPlanePhaseEncodingDirectionDICOM": "COL",
  "InstitutionAddress": "Robert-Koch-Strasse_34_Goettingen_Nord_DE_37075",
  "InstitutionName": "MR-Forschung_Gottingen",
  "InstitutionalDepartmentName": "Department",
  "MRAcquisitionType": "2D",
  "MagneticFieldStrength": 3,
  "Manufacturer": "Siemens",
  "ManufacturersModelName": "TrioTim",
  "Modality": "MR",
  "ParallelReductionFactorInPlane": 2,
  "PartialFourier": 0.75,
  "PatientPosition": "HFS",
  "PercentPhaseFOV": 100,
  "PhaseEncodingDirection": "j-",
  "PhaseEncodingSteps": 77,
  "PhaseResolution": 1,
  "PixelBandwidth": 1717,
  "ProcedureStepDescription": "Projekte_Head_8_channel_in_vivo",
  "ProtocolName": "DTI_64dir_2mm-iso_82_TR7500",
  "PulseSequenceDetails": "%SiemensSeq%_ep2d_diff",
  "ReceiveCoilName": "8Ch_Head",
  "ReconMatrixPE": 104,
  "RepetitionTime": 7.5,
  "SAR": 1.01602,
  "ScanOptions": "PFP_FS",
  "ScanningSequence": "EP",
  "SequenceName": "_ep_b0",
  "SequenceVariant": "SK_SP",
  "SeriesDescription": "DTI_64dir_2mm-iso_82_TR7500",
  "SeriesNumber": 20,
  "ShimSetting": [-16777, -20491, -6728, 206, -120, 770, 41, -62],
  "SliceThickness": 2,
  "SliceTiming": [3.765, 0, 3.8825, 0.1175, 4, 0.235, 4.1175, 0.3525, 4.235, 0.47, 4.3525, 0.5875, 4.47, 0.705, 4.5875, 0.8225, 4.705, 0.94, 4.8225, 1.0575, 4.94, 1.175, 5.0575, 1.2925, 5.175, 1.41, 5.2925, 1.5275, 5.41, 1.645, 5.5275, 1.765, 5.6475, 1.8825, 5.765, 2, 5.8825, 2.1175, 6, 2.235, 6.1175, 2.3525, 6.235, 2.47, 6.3525, 2.5875, 6.47, 2.705, 6.5875, 2.8225, 6.705, 2.94, 6.8225, 3.0575, 6.94, 3.175, 7.0575, 3.2925, 7.175, 3.41, 7.2925, 3.5275, 7.41, 3.6475],
  "SoftwareVersions": "syngo_MR_B17",
  "SpacingBetweenSlices": 2,
  "StationName": "MEDPC",
  "TotalReadoutTime": 0.0355346,
  "TxRefAmp": 298.435,
  "dcmmeta_affine": [
    [-1.9992339611053467, -0.013890646398067474, 0.05357671529054642, 101.93202209472656],
    [-0.027937669306993484, 1.9245216846466064, -0.5435400009155273, -84.22352600097656],
    [0.047779716551303864, 0.5440801978111267, 1.923978567123413, -104.86377716064453],
    [0.0, 0.0, 0.0, 1.0]
],
  "dcmmeta_reorient_transform": [
    [0.0, -1.0, 0.0, 103.0],
    [1.0, 0.0, 0.0, 0.0],
    [0.0, 0.0, 1.0, 0.0],
    [0.0, 0.0, 0.0, 1.0]
],
  "dcmmeta_shape": [104, 104, 64, 65],
  "dcmmeta_slice_dim": 2,
  "dcmmeta_version": 0.6,
  "global": {
    "const": {
      "AcquisitionMatrix": [104, 0, 0, 104],
      "AngioFlag": "N",
      "BitsAllocated": 16,
      "BitsStored": 12,
      "Columns": 832,
      "EchoNumbers": 1,
      "EchoTime": 82.0,
      "EchoTrainLength": 1,
      "FlipAngle": 90.0,
      "HighBit": 11,
      "ImageOrientationPatient": [0.99961699981669, 0.01396883503124, 0.02388985821117, -0.0069453233636, 0.96226084779328, -0.2720401133795],
      "ImagePositionPatient": [-823.1662668349, -824.69741556801, 131.82987063745],
      "ImageType": [
        "ORIGINAL",
        "PRIMARY",
        "DIFFUSION",
        "NONE",
        "ND",
        "MOSAIC"
],
      "ImagedNucleus": "1H",
      "ImagingFrequency": 123.236912,
      "InPlanePhaseEncodingDirection": "COL",
      "MRAcquisitionType": "2D",
      "MagneticFieldStrength": 3.0,
      "Manufacturer": "SIEMENS",
      "ManufacturerModelName": "TrioTim",
      "Modality": "MR",
      "NumberOfAverages": 1.0,
      "NumberOfPhaseEncodingSteps": 77,
      "PercentPhaseFieldOfView": 100.0,
      "PercentSampling": 100.0,
      "PerformedProcedureStepStartTime": "082156.843000",
      "PhotometricInterpretation": "MONOCHROME2",
      "PixelBandwidth": 1717.0,
      "PixelRepresentation": 0,
      "PixelSpacing": [2.0, 2.0],
      "ProtocolName": "DTI_64dir_2mm-iso_82_TR7500",
      "RepetitionTime": 7500.0,
      "Rows": 832,
      "SAR": 1.0160156817797,
      "SamplesPerPixel": 1,
      "ScanOptions": [
        "PFP",
        "FS"
],
      "ScanningSequence": "EP",
      "SequenceVariant": [
        "SK",
        "SP"
],
      "SeriesDescription": "DTI_64dir_2mm-iso_82_TR7500",
      "SeriesNumber": 20,
      "SeriesTime": "093129.828000",
      "SliceLocation": -75.257815156309,
      "SliceThickness": 2.0,
      "SmallestImagePixelValue": 0,
      "SoftwareVersions": "syngo MR B17",
      "SpacingBetweenSlices": 1.9999999605429,
      "SpecificCharacterSet": "ISO_IR 100",
      "StudyID": "1",
      "StudyTime": "082156.796000",
      "TransmitCoilName": "Body",
      "VariableFlipAngleFlag": "N",
      "WindowCenterWidthExplanation": "Algo1",
      "dBdt": 0.0},
