{
  "AcquisitionMatrixPE": 174,
  "AcquisitionNumber": 1,
  "AcquisitionTime": "08:31:12.772500",
  "BaseResolution": 256,
  "ConversionSoftware": "dcm2niix",
  "ConversionSoftwareVersion": "v1.0.20180622 GCC6.3.0",
  "DeviceSerialNumber": "35059",
  "DwellTime": 4.5e-06,
  "EchoTime": 0.428,
  "EchoTrainLength": 99,
  "FlipAngle": 120,
  "ImageOrientationPatientDICOM": [1, -2.05103e-10, 0, 2.05103e-10, 1, 0],
  "ImageType": [
    "ORIGINAL",
    "PRIMARY",
    "M",
    "ND"
],
  "InPlanePhaseEncodingDirectionDICOM": "ROW",
  "InstitutionAddress": "Robert-Koch-Strasse_34_Goettingen_Nord_DE_37075",
  "InstitutionName": "MR-Forschung_Gottingen",
  "InstitutionalDepartmentName": "Department",
  "MRAcquisitionType": "3D",
  "MagneticFieldStrength": 3,
  "Manufacturer": "Siemens",
  "ManufacturersModelName": "TrioTim",
  "Modality": "MR",
  "ParallelReductionFactorInPlane": 2,
  "PartialFourier": 1,
  "PatientPosition": "HFS",
  "PercentPhaseFOV": 68.75,
  "PhaseEncodingSteps": 170,
  "PhaseResolution": 0.988636,
  "PixelBandwidth": 434,
  "ProcedureStepDescription": "Projekte_Head_8_channel_in_vivo",
  "ProtocolName": "t2_tse3dvfl_tra_st2_p2",
  "PulseSequenceDetails": "%SiemensSeq%_tse_vfl",
  "ReceiveCoilName": "8Ch_Head",
  "ReconMatrixPE": 256,
  "RepetitionTime": 2.9,
  "SAR": 0.522594,
  "ScanOptions": "PFP",
  "ScanningSequence": "SE",
  "SequenceName": "_spc3d1_198",
  "SequenceVariant": "SK_SP_OSP",
  "SeriesDescription": "t2_tse3dvfl_tra_st2_p2",
  "SeriesNumber": 4,
  "ShimSetting": [-16777, -20501, -6737, 177, -140, 688, 102, -69],
  "SliceThickness": 1,
  "SoftwareVersions": "syngo_MR_B17",
  "StationName": "MEDPC",
  "TxRefAmp": 298.435,
  "dcmmeta_affine": [
    [0.9375, 1.9228443837171483e-10, 0.0, -82.91189575195312],
    [-1.9228443837171483e-10, 0.9375, 0.0, -116.86837768554688],
    [0.0, 0.0, 1.0, -94.83612060546875],
    [0.0, 0.0, 0.0, 1.0]
],
  "dcmmeta_reorient_transform": [
    [0.0, -1.0, 0.0, 255.0],
    [-1.0, 0.0, 0.0, 175.0],
    [0.0, 0.0, -1.0, 143.0],
    [0.0, 0.0, 0.0, 1.0]
],
  "dcmmeta_shape": [176, 256, 144],
  "dcmmeta_slice_dim": 2,
  "dcmmeta_version": 0.6,
  "global": {
    "const": {
      "AcquisitionMatrix": [0, 256, 174, 0],
      "AcquisitionNumber": 1,
      "AcquisitionTime": "083112.772500",
      "AngioFlag": "N",
      "BitsAllocated": 16,
      "BitsStored": 12,
      "Columns": 176,
      "EchoNumbers": 1,
      "EchoTime": 428.0,
      "EchoTrainLength": 99,
      "FlipAngle": 120.0,
      "HighBit": 11,
      "ImageOrientationPatient": [1.0, -2.051034e-10, 0.0, 2.051034e-10, 1.0, 0.0],
      "ImageType": [
        "ORIGINAL",
        "PRIMARY",
        "M",
        "ND"
],
      "ImagedNucleus": "1H",
      "ImagingFrequency": 123.2369,
      "InPlanePhaseEncodingDirection": "ROW",
      "MRAcquisitionType": "3D",
      "MagneticFieldStrength": 3.0,
      "Manufacturer": "SIEMENS",
      "ManufacturerModelName": "TrioTim",
      "Modality": "MR",
      "NumberOfAverages": 2.0,
      "NumberOfPhaseEncodingSteps": 170,
      "PercentPhaseFieldOfView": 68.75,
      "PercentSampling": 98.8636,
      "PerformedProcedureStepStartTime": "082156.843000",
      "PhotometricInterpretation": "MONOCHROME2",
      "PixelBandwidth": 434.0,
      "PixelRepresentation": 0,
      "PixelSpacing": [0.9375, 0.9375],
      "ProtocolName": "t2_tse3dvfl_tra_st2_p2",
      "RepetitionTime": 2900.0,
      "Rows": 256,
      "SAR": 0.52259354815632,
      "SamplesPerPixel": 1,
      "ScanOptions": "PFP",
      "ScanningSequence": "SE",
      "SequenceName": "*spc3d1_198",
      "SequenceVariant": [
        "SK",
        "SP",
        "OSP"
],
      "SeriesDescription": "t2_tse3dvfl_tra_st2_p2",
      "SeriesNumber": 4,
      "SeriesTime": "083554.156000",
      "SliceThickness": 1.0,
      "SmallestImagePixelValue": 0,
      "SoftwareVersions": "syngo MR B17",
      "SpecificCharacterSet": "ISO_IR 100",
      "StudyID": "1",
      "StudyTime": "082156.796000",
      "TransmitCoilName": "Body",
      "VariableFlipAngleFlag": "Y",
      "WindowCenterWidthExplanation": "Algo1",
      "dBdt": 0.0},
