{
	"Modality": "MR",
	"MagneticFieldStrength": 3,
	"ImagingFrequency": 123.263,
	"Manufacturer": "Siemens",
	"ManufacturersModelName": "Prisma_fit",
	"InstitutionName": "MR-Forschung_Goettingen",
	"InstitutionalDepartmentName": "Department",
	"InstitutionAddress": "Robert-Koch-Strasse_34_Goettingen_Nord_DE_37075",
	"DeviceSerialNumber": "167052",
	"StationName": "MEDPC",
	"BodyPartExamined": "HEAD",
	"PatientPosition": "HFS",
	"ProcedureStepDescription": "Projekte_Head_64_channel",
	"SoftwareVersions": "syngo_MR_E11",
	"MRAcquisitionType": "3D",
	"SeriesDescription": "t2_tse3dvfl_tra_ip2_no-neck",
	"ProtocolName": "t2_tse3dvfl_tra_ip2_no-neck",
	"ScanningSequence": "SE",
	"SequenceVariant": "SK_SP",
	"ScanOptions": "PFP",
	"SequenceName": "_spc_158",
	"ImageType": ["ORIGINAL", "PRIMARY", "M", "ND", "NORM"],
	"SeriesNumber": 18,
	"AcquisitionTime": "10:42:12.795000",
	"AcquisitionNumber": 1,
	"SliceThickness": 1,
	"SAR": 0.219119,
	"NumberOfAverages": 2,
	"EchoTime": 0.427,
	"RepetitionTime": 2.9,
	"FlipAngle": 120,
	"PartialFourier": 1,
	"BaseResolution": 256,
	"ShimSetting": [
		-4537,
		-11527,
		-6500,
		333,
		25,
		473,
		76,
		32	],
	"TxRefAmp": 218.537,
	"PhaseResolution": 1,
	"ReceiveCoilName": "HeadNeck_64",
	"ReceiveCoilActiveElements": "HC1-7",
	"PulseSequenceDetails": "%SiemensSeq%_tse_vfl",
	"RefLinesPE": 24,
	"ConsistencyInfo": "N4_VE11C_LATEST_20160120",
	"PercentPhaseFOV": 68.75,
	"EchoTrainLength": 154,
	"PhaseEncodingSteps": 163,
	"AcquisitionMatrixPE": 176,
	"ReconMatrixPE": 176,
	"PixelBandwidth": 300,
	"DwellTime": 6.5e-06,
	"ImageOrientationPatientDICOM": [
		0.996134,
		0.0488803,
		-0.0729954,
		-0.0558669,
		0.993719,
		-0.0969599	],
	"InPlanePhaseEncodingDirectionDICOM": "ROW",
	"ConversionSoftware": "dcm2niix",
	"ConversionSoftwareVersion": "v1.0.20190410  GCC9.2.0"
}
