{
  "AcquisitionMatrixPE": 96,
  "AcquisitionNumber": 1,
  "AcquisitionTime": "10:55:25.060000",
  "BaseResolution": 96,
  "BodyPartExamined": "HEAD",
  "CoilString": "HC1-7;NC1_2",
  "ConsistencyInfo": "N4_VE11C_LATEST_20160120",
  "ConversionSoftware": "dcm2niix",
  "ConversionSoftwareVersion": "v1.0.20190410  GCC9.2.0",
  "DeviceSerialNumber": "167052",
  "DwellTime": 2.97e-05,
  "EchoTime": 0.0025,
  "FlipAngle": 5,
  "ImageOrientationPatientDICOM": [-0.03997, 0.976713, 0.210792, -0.0811272, 0.207092, -0.974952],
  "ImageType": [
    "ORIGINAL",
    "PRIMARY",
    "M",
    "ND"
],
  "ImagingFrequency": 123.263,
  "InPlanePhaseEncodingDirectionDICOM": "ROW",
  "InstitutionAddress": "Robert-Koch-Strasse_34_Goettingen_Nord_DE_37075",
  "InstitutionName": "MR-Forschung_Goettingen",
  "InstitutionalDepartmentName": "Department",
  "MRAcquisitionType": "3D",
  "MagneticFieldStrength": 3,
  "Manufacturer": "Siemens",
  "ManufacturersModelName": "Prisma_fit",
  "Modality": "MR",
  "PartialFourier": 1,
  "PatientPosition": "HFS",
  "PercentPhaseFOV": 100,
  "PhaseEncodingSteps": 96,
  "PhaseResolution": 1,
  "PixelBandwidth": 350,
  "ProcedureStepDescription": "Projekte_Head_64_channel",
  "ProtocolName": "irspgr_tr54_fa5_ti450_pe96",
  "PulseSequenceDetails": "%CustomerSeq%_spoiledSPGR",
  "ReceiveCoilActiveElements": "HC1-7;NC1,2",
  "ReceiveCoilName": "HeadNeck_64",
  "ReconMatrixPE": 96,
  "RepetitionTime": 0.0054,
  "SAR": 0.250917,
  "ScanningSequence": "RM",
  "SequenceName": "despot13d1",
  "SequenceVariant": "SP",
  "SeriesDescription": "irspgr_tr54_fa5_ti450_pe96",
  "SeriesNumber": 21,
  "ShimSetting": [-4502, -11551, -6699, 13, 16, 6, 8, 12],
  "SliceThickness": 3.4,
  "SoftwareVersions": "syngo_MR_E11",
  "StationName": "MEDPC",
  "TxRefAmp": 218.537,
  "dcmmeta_affine": [
    [3.3860666751861572, -0.09159799665212631, -0.18591652810573578, -70.0688705444336],
    [0.19063742458820343, 2.2383017539978027, 0.47458571195602417, -117.9975357055664],
    [0.2412659078836441, -0.4830651581287384, 2.234264850616455, -148.9113006591797],
    [0.0, 0.0, 0.0, 1.0]
],
  "dcmmeta_reorient_transform": [
    [0.0, 0.0, -1.0, 95.0],
    [0.0, -1.0, 0.0, 95.0],
    [-1.0, 0.0, 0.0, 47.0],
    [0.0, 0.0, 0.0, 1.0]
],
  "dcmmeta_shape": [48, 96, 96],
  "dcmmeta_slice_dim": 0,
  "dcmmeta_version": 0.6,
  "global": {
    "const": {
      "AcquisitionMatrix": [0, 96, 96, 0],
      "AcquisitionNumber": 1,
      "AcquisitionTime": "105525.060000",
      "AngioFlag": "N",
      "BitsAllocated": 16,
      "BitsStored": 12,
      "BodyPartExamined": "HEAD",
      "Columns": 96,
      "EchoNumbers": 1,
      "EchoTime": 2.5,
      "EchoTrainLength": 1,
      "FlipAngle": 5.0,
      "HighBit": 11,
      "ImageOrientationPatient": [-0.0399700333117, 0.97671341865308, 0.21079206403485, -0.0811272085243, 0.20709193991543, -0.9749519498207],
      "ImageType": [
        "ORIGINAL",
        "PRIMARY",
        "M",
        "ND"
],
      "ImagedNucleus": "1H",
      "ImagingFrequency": 123.26258,
      "InPlanePhaseEncodingDirection": "ROW",
      "MRAcquisitionType": "3D",
      "MagneticFieldStrength": 3.0,
      "Manufacturer": "SIEMENS",
      "ManufacturerModelName": "Prisma_fit",
      "Modality": "MR",
      "NumberOfAverages": 1.0,
      "NumberOfPhaseEncodingSteps": 96,
      "PercentPhaseFieldOfView": 100.0,
      "PercentSampling": 100.0,
      "PerformedProcedureStepStartTime": "094606.905000",
      "PhotometricInterpretation": "MONOCHROME2",
      "PixelBandwidth": 350.0,
      "PixelRepresentation": 0,
      "PixelSpacing": [2.2916667461395, 2.2916667461395],
      "ProtocolName": "irspgr_tr54_fa5_ti450_pe96",
      "RepetitionTime": 5.4,
      "Rows": 96,
      "SAR": 0.25091664560611,
      "SamplesPerPixel": 1,
      "ScanningSequence": "RM",
      "SequenceName": "despot13d1",
      "SequenceVariant": "SP",
      "SeriesDescription": "irspgr_tr54_fa5_ti450_pe96",
      "SeriesNumber": 21,
      "SeriesTime": "105637.840000",
      "SliceThickness": 3.3999998569489,
      "SmallestImagePixelValue": 0,
      "SoftwareVersions": "syngo MR E11",
      "SpecificCharacterSet": "ISO_IR 100",
      "StudyID": "1",
      "StudyTime": "094606.806000",
      "TransmitCoilName": "Body",
      "VariableFlipAngleFlag": "N",
      "WindowCenterWidthExplanation": "Algo1",
      "dBdt": 0.0},
