{
  "AcquisitionMatrixPE": 248,
  "AcquisitionNumber": 1,
  "AcquisitionTime": "10:17:49.722500",
  "BaseResolution": 256,
  "BodyPartExamined": "HEAD",
  "CoilString": "HC1-7;NC1_2",
  "ConsistencyInfo": "N4_VE11C_LATEST_20160120",
  "ConversionSoftware": "dcm2niix",
  "ConversionSoftwareVersion": "v1.0.20190410  GCC9.2.0",
  "DeviceSerialNumber": "167052",
  "DwellTime": 9.8e-06,
  "EchoTime": 0.0033,
  "FlipAngle": 9,
  "ImageOrientationPatientDICOM": [-0.0308678, 0.972834, 0.229436, -0.0822082, 0.226297, -0.970583],
  "ImageType": [
    "ORIGINAL",
    "PRIMARY",
    "M",
    "ND",
    "NORM"
],
  "ImagingFrequency": 123.263,
  "InPlanePhaseEncodingDirectionDICOM": "ROW",
  "InstitutionAddress": "Robert-Koch-Strasse_34_Goettingen_Nord_DE_37075",
  "InstitutionName": "MR-Forschung_Goettingen",
  "InstitutionalDepartmentName": "Department",
  "InversionTime": 0.9,
  "MRAcquisitionType": "3D",
  "MagneticFieldStrength": 3,
  "Manufacturer": "Siemens",
  "ManufacturersModelName": "Prisma_fit",
  "Modality": "MR",
  "PartialFourier": 0.875,
  "PatientPosition": "HFS",
  "PercentPhaseFOV": 96.875,
  "PhaseEncodingSteps": 217,
  "PhaseResolution": 1,
  "PixelBandwidth": 200,
  "ProcedureStepDescription": "Projekte_Head_64_channel",
  "ProtocolName": "t1_tfl3d_ns_sag_TI900_FA9_TR2250",
  "PulseSequenceDetails": "%SiemensSeq%_tfl",
  "ReceiveCoilActiveElements": "HC1-7;NC1,2",
  "ReceiveCoilName": "HeadNeck_64",
  "ReconMatrixPE": 248,
  "RepetitionTime": 2.25,
  "SAR": 0.103807,
  "ScanOptions": "IR_PFP_WE",
  "ScanningSequence": "GR_IR",
  "SequenceName": "_tfl3d1_16ns",
  "SequenceVariant": "SK_SP_MP",
  "SeriesDescription": "t1_tfl3d_ns_sag_TI900_FA9_TR2250",
  "SeriesNumber": 8,
  "ShimSetting": [-4542, -11515, -6506, 204, 39, 196, 211, 27],
  "SliceThickness": 1,
  "SoftwareVersions": "syngo_MR_E11",
  "StationName": "MEDPC",
  "TxRefAmp": 218.537,
  "dcmmeta_affine": [
    [0.9961370229721069, -0.0308678038418293, -0.08220819383859634, -76.65119934082031],
    [0.04882130026817322, 0.9728341102600098, 0.22629684209823608, -132.82518005371094],
    [0.07298965007066727, -0.22943617403507233, 0.9705830812454224, -176.95701599121094],
    [0.0, 0.0, 0.0, 1.0]
],
  "dcmmeta_reorient_transform": [
    [0.0, 0.0, -1.0, 255.0],
    [0.0, -1.0, 0.0, 247.0],
    [-1.0, 0.0, 0.0, 175.0],
    [0.0, 0.0, 0.0, 1.0]
],
  "dcmmeta_shape": [176, 248, 256],
  "dcmmeta_slice_dim": 0,
  "dcmmeta_version": 0.6,
  "global": {
    "const": {
      "AcquisitionMatrix": [0, 256, 248, 0],
      "AcquisitionNumber": 1,
      "AcquisitionTime": "101749.722500",
      "AngioFlag": "N",
      "BitsAllocated": 16,
      "BitsStored": 12,
      "BodyPartExamined": "HEAD",
      "Columns": 248,
      "EchoNumbers": 1,
      "EchoTime": 3.3,
      "EchoTrainLength": 1,
      "FlipAngle": 9.0,
      "HighBit": 11,
      "ImageOrientationPatient": [-0.0308678035319, 0.97283411726636, 0.22943617628371, -0.0822081916, 0.2262968422158, -0.9705830991919],
      "ImageType": [
        "ORIGINAL",
        "PRIMARY",
        "M",
        "ND",
        "NORM"
],
      "ImagedNucleus": "1H",
      "ImagingFrequency": 123.262602,
      "InPlanePhaseEncodingDirection": "ROW",
      "InversionTime": 900.0,
      "MRAcquisitionType": "3D",
      "MagneticFieldStrength": 3.0,
      "Manufacturer": "SIEMENS",
      "ManufacturerModelName": "Prisma_fit",
      "Modality": "MR",
      "NumberOfAverages": 1.0,
      "NumberOfPhaseEncodingSteps": 217,
      "PercentPhaseFieldOfView": 96.875,
      "PercentSampling": 100.0,
      "PerformedProcedureStepStartTime": "094606.905000",
      "PhotometricInterpretation": "MONOCHROME2",
      "PixelBandwidth": 200.0,
      "PixelRepresentation": 0,
      "PixelSpacing": [1.0, 1.0],
      "ProtocolName": "t1_tfl3d_ns_sag_TI900_FA9_TR2250",
      "RepetitionTime": 2250.0,
      "Rows": 256,
      "SAR": 0.1038065757529,
      "SamplesPerPixel": 1,
      "ScanOptions": [
        "IR",
        "PFP",
        "WE"
],
      "ScanningSequence": [
        "GR",
        "IR"
],
      "SequenceName": "*tfl3d1_16ns",
      "SequenceVariant": [
        "SK",
        "SP",
        "MP"
],
      "SeriesDescription": "t1_tfl3d_ns_sag_TI900_FA9_TR2250",
      "SeriesNumber": 8,
      "SeriesTime": "102613.558000",
      "SliceThickness": 1.0,
      "SmallestImagePixelValue": 0,
      "SoftwareVersions": "syngo MR E11",
      "SpecificCharacterSet": "ISO_IR 100",
      "StudyID": "1",
      "StudyTime": "094606.806000",
      "TransmitCoilName": "Body",
      "VariableFlipAngleFlag": "N",
      "WindowCenterWidthExplanation": "Algo1",
      "dBdt": 0.0},
