{
  "AcquisitionMatrixPE": 128,
  "AcquisitionNumber": 1,
  "AcquisitionTime": "10:56:43.425000",
  "BaseResolution": 128,
  "BodyPartExamined": "HEAD",
  "CoilString": "HC1-7;NC1_2",
  "ConsistencyInfo": "N4_VE11C_LATEST_20160120",
  "ConversionSoftware": "dcm2niix",
  "ConversionSoftwareVersion": "v1.0.20190410  GCC9.2.0",
  "DeviceSerialNumber": "167052",
  "DwellTime": 2.17e-05,
  "EchoTime": 0.0025,
  "FlipAngle": 55,
  "ImageOrientationPatientDICOM": [-0.03997, 0.976713, 0.210792, -0.0811272, 0.207092, -0.974952],
  "ImageType": [
    "ORIGINAL",
    "PRIMARY",
    "M",
    "ND"
],
  "ImagingFrequency": 123.263,
  "InPlanePhaseEncodingDirectionDICOM": "ROW",
  "InstitutionAddress": "Robert-Koch-Strasse_34_Goettingen_Nord_DE_37075",
  "InstitutionName": "MR-Forschung_Goettingen",
  "InstitutionalDepartmentName": "Department",
  "MRAcquisitionType": "3D",
  "MagneticFieldStrength": 3,
  "Manufacturer": "Siemens",
  "ManufacturersModelName": "Prisma_fit",
  "Modality": "MR",
  "PartialFourier": 0.75,
  "PatientPosition": "HFS",
  "PercentPhaseFOV": 100,
  "PhaseEncodingSteps": 96,
  "PhaseResolution": 1,
  "PixelBandwidth": 360,
  "ProcedureStepDescription": "Projekte_Head_64_channel",
  "ProtocolName": "multiflipSSFP_tr50_8fa55_phase180",
  "PulseSequenceDetails": "%CustomerSeq%_balancedSSFP",
  "ReceiveCoilActiveElements": "HC1-7;NC1,2",
  "ReceiveCoilName": "HeadNeck_64",
  "ReconMatrixPE": 128,
  "RepetitionTime": 0.005,
  "SAR": 0.395737,
  "ScanOptions": "PFP",
  "ScanningSequence": "RM",
  "SequenceName": "despot23d1",
  "SequenceVariant": "SS",
  "SeriesDescription": "multiflipSSFP_tr50_8fa55_phase180",
  "SeriesNumber": 22,
  "ShimSetting": [-4502, -11551, -6699, 13, 16, 6, 8, 12],
  "SliceThickness": 1.7,
  "SoftwareVersions": "syngo_MR_E11",
  "StationName": "MEDPC",
  "TxRefAmp": 218.537,
  "dcmmeta_affine": [
    [0.06869849562644958, -0.13943739235401154, 1.6930333375930786, -79.57071685791016],
    [-1.6787261962890625, 0.35593926906585693, 0.09531871229410172, 94.47481536865234],
    [0.362298846244812, 1.6756986379623413, 0.12063295394182205, -195.42135620117188],
    [0.0, 0.0, 0.0, 1.0]
],
  "dcmmeta_reorient_transform": [
    [0.0, -1.0, 0.0, 127.0],
    [1.0, 0.0, 0.0, 0.0],
    [0.0, 0.0, -1.0, 95.0],
    [0.0, 0.0, 0.0, 1.0]
],
  "dcmmeta_shape": [128, 128, 96, 8],
  "dcmmeta_slice_dim": 2,
  "dcmmeta_version": 0.6,
  "global": {
    "const": {
      "AcquisitionMatrix": [0, 128, 128, 0],
      "AngioFlag": "N",
      "BitsAllocated": 16,
      "BitsStored": 12,
      "BodyPartExamined": "HEAD",
      "Columns": 128,
      "EchoNumbers": 1,
      "EchoTime": 2.5,
      "EchoTrainLength": 1,
      "FlipAngle": 55.0,
      "HighBit": 11,
      "ImageOrientationPatient": [-0.0399700333117, 0.97671341865308, 0.21079206403485, -0.0811272085243, 0.20709193991543, -0.9749519498207],
      "ImageType": [
        "ORIGINAL",
        "PRIMARY",
        "M",
        "ND"
],
      "ImagedNucleus": "1H",
      "ImagingFrequency": 123.26258,
      "InPlanePhaseEncodingDirection": "ROW",
      "MRAcquisitionType": "3D",
      "MagneticFieldStrength": 3.0,
      "Manufacturer": "SIEMENS",
      "ManufacturerModelName": "Prisma_fit",
      "Modality": "MR",
      "NumberOfAverages": 1.0,
      "NumberOfPhaseEncodingSteps": 96,
      "PercentPhaseFieldOfView": 100.0,
      "PercentSampling": 100.0,
      "PerformedProcedureStepStartTime": "094606.905000",
      "PhotometricInterpretation": "MONOCHROME2",
      "PixelBandwidth": 360.0,
      "PixelRepresentation": 0,
      "PixelSpacing": [1.71875, 1.71875],
      "ProtocolName": "multiflipSSFP_tr50_8fa55_phase180",
      "RepetitionTime": 5.0,
      "Rows": 128,
      "SAR": 0.39573679771041,
      "SamplesPerPixel": 1,
      "ScanOptions": "PFP",
      "ScanningSequence": "RM",
      "SequenceName": "despot23d1",
      "SequenceVariant": "SS",
      "SeriesDescription": "multiflipSSFP_tr50_8fa55_phase180",
      "SeriesNumber": 22,
      "SeriesTime": "105731.026000",
      "SliceThickness": 1.6999999284744,
      "SmallestImagePixelValue": 0,
      "SoftwareVersions": "syngo MR E11",
      "SpecificCharacterSet": "ISO_IR 100",
      "StudyID": "1",
      "StudyTime": "094606.806000",
      "TransmitCoilName": "Body",
      "VariableFlipAngleFlag": "N",
      "WindowCenterWidthExplanation": "Algo1",
      "dBdt": 0.0},
