{
  "AcquisitionMatrixPE": 174,
  "AcquisitionNumber": 1,
  "AcquisitionTime": "09:54:24.512500",
  "BaseResolution": 256,
  "ConversionSoftware": "dcm2niix",
  "ConversionSoftwareVersion": "v1.0.20180622 GCC6.3.0",
  "DeviceSerialNumber": "35059",
  "DwellTime": 4.5e-06,
  "EchoTime": 0.428,
  "EchoTrainLength": 99,
  "FlipAngle": 120,
  "ImageOrientationPatientDICOM": [0.963693, 0.0866897, 0.252546, -0.0572539, 0.990918, -0.121669],
  "ImageType": [
    "ORIGINAL",
    "PRIMARY",
    "M",
    "ND"
],
  "InPlanePhaseEncodingDirectionDICOM": "ROW",
  "InstitutionAddress": "Robert-Koch-Strasse_34_Goettingen_Nord_DE_37075",
  "InstitutionName": "MR-Forschung_Gottingen",
  "InstitutionalDepartmentName": "Department",
  "MRAcquisitionType": "3D",
  "MagneticFieldStrength": 3,
  "Manufacturer": "Siemens",
  "ManufacturersModelName": "TrioTim",
  "Modality": "MR",
  "ParallelReductionFactorInPlane": 2,
  "PartialFourier": 1,
  "PatientPosition": "HFS",
  "PercentPhaseFOV": 68.75,
  "PhaseEncodingSteps": 170,
  "PhaseResolution": 0.988636,
  "PixelBandwidth": 434,
  "ProcedureStepDescription": "Projekte_Head_8_channel_in_vivo",
  "ProtocolName": "t2_tse3dvfl_tra_st2_p2",
  "PulseSequenceDetails": "%SiemensSeq%_tse_vfl",
  "ReceiveCoilName": "8Ch_Head",
  "ReconMatrixPE": 256,
  "RepetitionTime": 2.9,
  "SAR": 0.477827,
  "ScanOptions": "PFP",
  "ScanningSequence": "SE",
  "SequenceName": "_spc3d1_198",
  "SequenceVariant": "SK_SP_OSP",
  "SeriesDescription": "t2_tse3dvfl_tra_st2_p2",
  "SeriesNumber": 4,
  "ShimSetting": [-16647, -20487, -6670, 328, -69, 739, 35, -19],
  "SliceThickness": 1,
  "SoftwareVersions": "syngo_MR_B17",
  "StationName": "MEDPC",
  "TxRefAmp": 303.194,
  "dcmmeta_affine": [
    [0.9034626483917236, -0.0536755733191967, 0.2608003318309784, -82.91397857666016],
    [0.08127158880233765, 0.9289856553077698, -0.10279253870248795, -120.23091888427734],
    [-0.23676232993602753, 0.11406487226486206, 0.9599046111106873, -28.5206356048584],
    [0.0, 0.0, 0.0, 1.0]
],
  "dcmmeta_reorient_transform": [
    [0.0, -1.0, 0.0, 255.0],
    [-1.0, 0.0, 0.0, 175.0],
    [0.0, 0.0, -1.0, 143.0],
    [0.0, 0.0, 0.0, 1.0]
],
  "dcmmeta_shape": [176, 256, 144],
  "dcmmeta_slice_dim": 2,
  "dcmmeta_version": 0.6,
  "global": {
    "const": {
      "AcquisitionMatrix": [0, 256, 174, 0],
      "AcquisitionNumber": 1,
      "AcquisitionTime": "095424.512500",
      "AngioFlag": "N",
      "BitsAllocated": 16,
      "BitsStored": 12,
      "Columns": 176,
      "EchoNumbers": 1,
      "EchoTime": 428.0,
      "EchoTrainLength": 99,
      "FlipAngle": 120.0,
      "HighBit": 11,
      "ImageOrientationPatient": [0.96369350578254, 0.08668969421958, 0.25254647855133, -0.0572539449721, 0.99091805481279, -0.1216692008323],
      "ImageType": [
        "ORIGINAL",
        "PRIMARY",
        "M",
        "ND"
],
      "ImagedNucleus": "1H",
      "ImagingFrequency": 123.237025,
      "InPlanePhaseEncodingDirection": "ROW",
      "MRAcquisitionType": "3D",
      "MagneticFieldStrength": 3.0,
      "Manufacturer": "SIEMENS",
      "ManufacturerModelName": "TrioTim",
      "Modality": "MR",
      "NumberOfAverages": 2.0,
      "NumberOfPhaseEncodingSteps": 170,
      "PercentPhaseFieldOfView": 68.75,
      "PercentSampling": 98.8636,
      "PerformedProcedureStepStartTime": "092815.828000",
      "PhotometricInterpretation": "MONOCHROME2",
      "PixelBandwidth": 434.0,
      "PixelRepresentation": 0,
      "PixelSpacing": [0.9375, 0.9375],
      "ProtocolName": "t2_tse3dvfl_tra_st2_p2",
      "RepetitionTime": 2900.0,
      "Rows": 256,
      "SAR": 0.47782707610789,
      "SamplesPerPixel": 1,
      "ScanOptions": "PFP",
      "ScanningSequence": "SE",
      "SequenceName": "*spc3d1_198",
      "SequenceVariant": [
        "SK",
        "SP",
        "OSP"
],
      "SeriesDescription": "t2_tse3dvfl_tra_st2_p2",
      "SeriesNumber": 4,
      "SeriesTime": "095905.625000",
      "SliceThickness": 1.0,
      "SmallestImagePixelValue": 0,
      "SoftwareVersions": "syngo MR B17",
      "SpecificCharacterSet": "ISO_IR 100",
      "StudyID": "1",
      "StudyTime": "092815.718000",
      "TransmitCoilName": "Body",
      "VariableFlipAngleFlag": "Y",
      "WindowCenterWidthExplanation": "Algo1",
      "dBdt": 0.0},
