{
  "AcquisitionMatrixPE": 96,
  "AcquisitionNumber": 1,
  "AcquisitionTime": "10:24:25.122500",
  "BaseResolution": 96,
  "ConversionSoftware": "dcm2niix",
  "ConversionSoftwareVersion": "v1.0.20180622 GCC6.3.0",
  "DeviceSerialNumber": "35059",
  "DwellTime": 2.98e-05,
  "EchoTime": 0.0025,
  "FlipAngle": 5,
  "ImageOrientationPatientDICOM": [-0.0784591, 0.996917, -5.28632e-09, 0.178251, 0.0140287, -0.983885],
  "ImageType": [
    "ORIGINAL",
    "PRIMARY",
    "M",
    "ND"
],
  "InPlanePhaseEncodingDirectionDICOM": "ROW",
  "InstitutionAddress": "Robert-Koch-Strasse_34_Goettingen_Nord_DE_37075",
  "InstitutionName": "MR-Forschung_Gottingen",
  "InstitutionalDepartmentName": "Department",
  "MRAcquisitionType": "3D",
  "MagneticFieldStrength": 3,
  "Manufacturer": "Siemens",
  "ManufacturersModelName": "TrioTim",
  "Modality": "MR",
  "PartialFourier": 1,
  "PatientPosition": "HFS",
  "PercentPhaseFOV": 100,
  "PhaseEncodingSteps": 96,
  "PhaseResolution": 1,
  "PixelBandwidth": 350,
  "ProcedureStepDescription": "Projekte_Head_8_channel_in_vivo",
  "ProtocolName": "irspgr_tr54_fa5_ti450_pe96",
  "PulseSequenceDetails": "%CustomerSeq%_despot1",
  "ReceiveCoilName": "8Ch_Head",
  "ReconMatrixPE": 96,
  "RepetitionTime": 0.0054,
  "SAR": 0.398586,
  "ScanningSequence": "RM",
  "SequenceName": "despot13d1",
  "SequenceVariant": "SP",
  "SeriesDescription": "irspgr_tr54_fa5_ti450_pe96",
  "SeriesNumber": 17,
  "ShimSetting": [-16836, -20622, -7124, 48, -72, 46, 20, -11],
  "SliceThickness": 3.4,
  "SoftwareVersions": "syngo_MR_B17",
  "StationName": "MEDPC",
  "TxRefAmp": 303.194,
  "dcmmeta_affine": [
    [3.3348968029022217, -0.17980211973190308, 0.40849190950393677, -89.78865814208984],
    [0.2624621093273163, 2.284602403640747, 0.03214900195598602, -123.94169616699219],
    [-0.6079274415969849, 1.2114477421221181e-08, 2.2547366619110107, -91.01162719726562],
    [0.0, 0.0, 0.0, 1.0]
],
  "dcmmeta_reorient_transform": [
    [0.0, 0.0, -1.0, 95.0],
    [0.0, -1.0, 0.0, 95.0],
    [-1.0, 0.0, 0.0, 47.0],
    [0.0, 0.0, 0.0, 1.0]
],
  "dcmmeta_shape": [48, 96, 96],
  "dcmmeta_slice_dim": 0,
  "dcmmeta_version": 0.6,
  "global": {
    "const": {
      "AcquisitionMatrix": [0, 96, 96, 0],
      "AcquisitionNumber": 1,
      "AcquisitionTime": "102425.122500",
      "AngioFlag": "N",
      "BitsAllocated": 16,
      "BitsStored": 12,
      "Columns": 96,
      "EchoNumbers": 1,
      "EchoTime": 2.5,
      "EchoTrainLength": 1,
      "FlipAngle": 5.0,
      "HighBit": 11,
      "ImageOrientationPatient": [-0.0784591028354, 0.99691733317375, -5.2863171e-09, 0.178251012687, 0.01402865500319, -0.9838850407008],
      "ImageType": [
        "ORIGINAL",
        "PRIMARY",
        "M",
        "ND"
],
      "ImagedNucleus": "1H",
      "ImagingFrequency": 123.237114,
      "InPlanePhaseEncodingDirection": "ROW",
      "MRAcquisitionType": "3D",
      "MagneticFieldStrength": 3.0,
      "Manufacturer": "SIEMENS",
      "ManufacturerModelName": "TrioTim",
      "Modality": "MR",
      "NumberOfAverages": 1.0,
      "NumberOfPhaseEncodingSteps": 96,
      "PercentPhaseFieldOfView": 100.0,
      "PercentSampling": 100.0,
      "PerformedProcedureStepStartTime": "092815.828000",
      "PhotometricInterpretation": "MONOCHROME2",
      "PixelBandwidth": 350.0,
      "PixelRepresentation": 0,
      "PixelSpacing": [2.2916667461395, 2.2916667461395],
      "ProtocolName": "irspgr_tr54_fa5_ti450_pe96",
      "RepetitionTime": 5.4,
      "Rows": 96,
      "SAR": 0.39858603411714,
      "SamplesPerPixel": 1,
      "ScanningSequence": "RM",
      "SequenceName": "despot13d1",
      "SequenceVariant": "SP",
      "SeriesDescription": "irspgr_tr54_fa5_ti450_pe96",
      "SeriesNumber": 17,
      "SeriesTime": "102534.343000",
      "SliceThickness": 3.3999998569489,
      "SmallestImagePixelValue": 0,
      "SoftwareVersions": "syngo MR B17",
      "SpecificCharacterSet": "ISO_IR 100",
      "StudyID": "1",
      "StudyTime": "092815.718000",
      "TransmitCoilName": "Body",
      "VariableFlipAngleFlag": "N",
      "WindowCenterWidthExplanation": "Algo1",
      "dBdt": 0.0},
