{
  "AcquisitionMatrixPE": 216,
  "AcquisitionNumber": 1,
  "AcquisitionTime": "09:50:16.287500",
  "BaseResolution": 256,
  "ConversionSoftware": "dcm2niix",
  "ConversionSoftwareVersion": "v1.0.20180622 GCC6.3.0",
  "DeviceSerialNumber": "35059",
  "DwellTime": 9.8e-06,
  "EchoTime": 0.00326,
  "FlipAngle": 9,
  "ImageOrientationPatientDICOM": [-0.0784591, 0.996917, -5.28632e-09, 0.178251, 0.0140287, -0.983885],
  "ImageType": [
    "ORIGINAL",
    "PRIMARY",
    "M",
    "ND",
    "NORM"
],
  "InPlanePhaseEncodingDirectionDICOM": "ROW",
  "InstitutionAddress": "Robert-Koch-Strasse_34_Goettingen_Nord_DE_37075",
  "InstitutionName": "MR-Forschung_Gottingen",
  "InstitutionalDepartmentName": "Department",
  "InversionTime": 0.9,
  "MRAcquisitionType": "3D",
  "MagneticFieldStrength": 3,
  "Manufacturer": "Siemens",
  "ManufacturersModelName": "TrioTim",
  "Modality": "MR",
  "ParallelReductionFactorInPlane": 2,
  "PartialFourier": 0.875,
  "PatientPosition": "HFS",
  "PercentPhaseFOV": 84.375,
  "PhaseEncodingSteps": 188,
  "PhaseResolution": 1,
  "PixelBandwidth": 199,
  "ProcedureStepDescription": "Projekte_Head_8_channel_in_vivo",
  "ProtocolName": "t1_tfl3d_ns_sag_TI900_FA9_TR2250",
  "PulseSequenceDetails": "%SiemensSeq%_tfl",
  "ReceiveCoilName": "8Ch_Head",
  "ReconMatrixPE": 256,
  "RepetitionTime": 2.25,
  "SAR": 0.163969,
  "ScanOptions": "IR_PFP_WE",
  "ScanningSequence": "GR_IR",
  "SequenceName": "_tfl3d1_ns",
  "SequenceVariant": "SP_MP",
  "SeriesDescription": "t1_tfl3d_ns_sag_TI900_FA9_TR2250",
  "SeriesNumber": 3,
  "ShimSetting": [-16677, -20546, -6711, 287, -203, 483, 110, -111],
  "SliceThickness": 1,
  "SoftwareVersions": "syngo_MR_B17",
  "StationName": "MEDPC",
  "TxRefAmp": 303.194,
  "dcmmeta_affine": [
    [0.9808520674705505, -0.07845910638570786, 0.1782510131597519, -104.7856674194336],
    [0.07719473540782928, 0.9969173073768616, 0.014028655365109444, -124.09285736083984],
    [-0.17880220711231232, 5.286317161790066e-09, 0.9838850498199463, -117.40459442138672],
    [0.0, 0.0, 0.0, 1.0]
],
  "dcmmeta_reorient_transform": [
    [0.0, 0.0, -1.0, 255.0],
    [0.0, -1.0, 0.0, 215.0],
    [-1.0, 0.0, 0.0, 175.0],
    [0.0, 0.0, 0.0, 1.0]
],
  "dcmmeta_shape": [176, 216, 256],
  "dcmmeta_slice_dim": 0,
  "dcmmeta_version": 0.6,
  "global": {
    "const": {
      "AcquisitionMatrix": [0, 256, 216, 0],
      "AcquisitionNumber": 1,
      "AcquisitionTime": "095016.287500",
      "AngioFlag": "N",
      "BitsAllocated": 16,
      "BitsStored": 12,
      "Columns": 216,
      "EchoNumbers": 1,
      "EchoTime": 3.26,
      "EchoTrainLength": 1,
      "FlipAngle": 9.0,
      "HighBit": 11,
      "ImageOrientationPatient": [-0.0784591028354, 0.99691733317375, -5.2863171e-09, 0.178251012687, 0.01402865500319, -0.9838850407008],
      "ImageType": [
        "ORIGINAL",
        "PRIMARY",
        "M",
        "ND",
        "NORM"
],
      "ImagedNucleus": "1H",
      "ImagingFrequency": 123.237036,
      "InPlanePhaseEncodingDirection": "ROW",
      "InversionTime": 900.0,
      "MRAcquisitionType": "3D",
      "MagneticFieldStrength": 3.0,
      "Manufacturer": "SIEMENS",
      "ManufacturerModelName": "TrioTim",
      "Modality": "MR",
      "NumberOfAverages": 1.0,
      "NumberOfPhaseEncodingSteps": 188,
      "PercentPhaseFieldOfView": 84.375,
      "PercentSampling": 100.0,
      "PerformedProcedureStepStartTime": "092815.828000",
      "PhotometricInterpretation": "MONOCHROME2",
      "PixelBandwidth": 199.0,
      "PixelRepresentation": 0,
      "PixelSpacing": [1.0, 1.0],
      "ProtocolName": "t1_tfl3d_ns_sag_TI900_FA9_TR2250",
      "RepetitionTime": 2250.0,
      "Rows": 256,
      "SAR": 0.16396857962668,
      "SamplesPerPixel": 1,
      "ScanOptions": [
        "IR",
        "PFP",
        "WE"
],
      "ScanningSequence": [
        "GR",
        "IR"
],
      "SequenceName": "*tfl3d1_ns",
      "SequenceVariant": [
        "SP",
        "MP"
],
      "SeriesDescription": "t1_tfl3d_ns_sag_TI900_FA9_TR2250",
      "SeriesNumber": 3,
      "SeriesTime": "095418.812000",
      "SliceThickness": 1.0,
      "SmallestImagePixelValue": 0,
      "SoftwareVersions": "syngo MR B17",
      "SpecificCharacterSet": "ISO_IR 100",
      "StudyID": "1",
      "StudyTime": "092815.718000",
      "TransmitCoilName": "Body",
      "VariableFlipAngleFlag": "N",
      "WindowCenterWidthExplanation": "Algo1",
      "dBdt": 0.0},
